GEM
  remote: https://rubygems.org/
  specs:
    byebug (11.0.1)
    numo-gnuplot (0.2.4)
    numo-narray (0.9.1.4)

PLATFORMS
  ruby

DEPENDENCIES
  byebug
  numo-gnuplot
  numo-narray

BUNDLED WITH
   2.0.1
