GEM
  remote: https://rubygems.org/
  specs:
    byebug (11.0.1)
    gnuplot (2.6.2)
    numo-linalg (0.1.4)
      numo-narray (>= 0.9.0.7)
    numo-narray (0.9.1.4)
    yard (0.9.20)

PLATFORMS
  ruby

DEPENDENCIES
  byebug
  gnuplot
  numo-linalg
  numo-narray
  yard (>= 0.9.20)

BUNDLED WITH
   2.0.2
