GEM
  remote: https://rubygems.org/
  specs:
    ast (2.4.0)
    byebug (11.0.1)
    gnuplot (2.6.2)
    jaro_winkler (1.5.3)
    numo-linalg (0.1.4)
      numo-narray (>= 0.9.0.7)
    numo-narray (0.9.1.4)
    parallel (1.17.0)
    parser (2.6.3.0)
      ast (~> 2.4.0)
    rainbow (3.0.0)
    rubocop (0.72.0)
      jaro_winkler (~> 1.5.1)
      parallel (~> 1.10)
      parser (>= 2.6)
      rainbow (>= 2.2.2, < 4.0)
      ruby-progressbar (~> 1.7)
      unicode-display_width (>= 1.4.0, < 1.7)
    ruby-progressbar (1.10.1)
    unicode-display_width (1.6.0)
    yard (0.9.36)

PLATFORMS
  ruby

DEPENDENCIES
  byebug
  gnuplot
  numo-linalg
  numo-narray
  rubocop
  yard (>= 0.9.20)

BUNDLED WITH
   2.0.2
