GEM
  remote: https://rubygems.org/
  specs:
    coderay (1.1.2)
    method_source (0.9.2)
    numo-gnuplot (0.2.4)
    numo-narray (0.9.1.4)
    pry (0.12.2)
      coderay (~> 1.1.0)
      method_source (~> 0.9.0)

PLATFORMS
  ruby

DEPENDENCIES
  numo-gnuplot
  numo-narray
  pry

BUNDLED WITH
   2.0.1
